GEM
  remote: https://rubygems.org/
  specs:
    haml (4.0.7)
      tilt
    tilt (2.0.5)

PLATFORMS
  ruby

DEPENDENCIES
  haml

BUNDLED WITH
   1.13.2
